GIT
  remote: git://github.com/makevoid/voidtools
  revision: d2cd5e571946dd6896d0745dbd820664d42eeaa6
  specs:
    voidtools (0.2.9)

GEM
  remote: http://rubygems.org/
  specs:
    extlib (0.9.16)
    haml (3.1.7)
    rack (1.5.2)
    rack-protection (1.3.2)
      rack
    sass (3.2.5)
    sinatra (1.3.4)
      rack (~> 1.4)
      rack-protection (~> 1.3)
      tilt (~> 1.3, >= 1.3.3)
    tilt (1.3.3)

PLATFORMS
  ruby

DEPENDENCIES
  extlib
  haml
  sass
  sinatra
  voidtools!
